PATH
  remote: .
  specs:
    sengi (0.1.0.pre.dev)
      hiredis (~> 0.6)
      nokogiri (~> 1.6)
      redis (~> 3.2)
      resque (~> 1.26)

GEM
  remote: https://rubygems.org/
  specs:
    hiredis (0.6.1)
    mini_portile2 (2.0.0)
    mono_logger (1.1.0)
    multi_json (1.11.2)
    nokogiri (1.6.7.2)
      mini_portile2 (~> 2.0.0.rc2)
    rack (1.6.4)
    rack-protection (1.5.3)
      rack
    redis (3.2.2)
    redis-namespace (1.5.2)
      redis (~> 3.0, >= 3.0.4)
    resque (1.26.0)
      mono_logger (~> 1.0)
      multi_json (~> 1.0)
      redis-namespace (~> 1.3)
      sinatra (>= 0.9.2)
      vegas (~> 0.1.2)
    sinatra (1.4.7)
      rack (~> 1.5)
      rack-protection (~> 1.4)
      tilt (>= 1.3, < 3)
    tilt (2.0.2)
    vegas (0.1.11)
      rack (>= 1.0.0)

PLATFORMS
  ruby

DEPENDENCIES
  sengi!

BUNDLED WITH
   1.10.6
